NUGET
  remote: https://nuget.org/api/v2
  specs:
    StrongNamer (0.0.1)
